PATH
  remote: vendor/bundle/ruby/3.1.0/bundler/gems/colorize-526654c6d7df
  specs:
    colorize (0.8.1)

PATH
  remote: vendor/bundle/ruby/3.1.0/bundler/gems/whirly-02609910f9a6
  specs:
    whirly (0.3.0)
      unicode-display_width (>= 1.1)

GEM
  remote: https://rubygems.org/
  specs:
    unicode-display_width (2.3.0)

PLATFORMS
  arm64-darwin-21

DEPENDENCIES
  colorize!
  whirly!

BUNDLED WITH
   2.3.22
